GEM
  remote: https://rubygems.org/
  specs:
    activesupport (5.2.4.3)
      concurrent-ruby (~> 1.0, >= 1.0.2)
      i18n (>= 0.7, < 2)
      minitest (~> 5.1)
      tzinfo (~> 1.1)
    addressable (2.4.0)
    concurrent-ruby (1.3.5)
    i18n (0.7.0)
    json (2.1.0)
    minitest (5.25.4)
    mustermann (1.1.2)
      ruby2_keywords (~> 0.0.1)
    rack (2.0.6)
    rack-protection (2.0.0)
      rack
    ruby2_keywords (0.0.5)
    sinatra (2.0.0)
      mustermann (~> 1.0)
      rack (~> 2.0)
      rack-protection (= 2.0.0)
      tilt (~> 2.0)
    thread_safe (0.3.6)
    tilt (2.6.0)
    tzinfo (1.2.11)
      thread_safe (~> 0.1)
    yard (0.9.11)

PLATFORMS
  arm64-darwin-24

DEPENDENCIES
  activesupport (= 5.2.4.3)
  addressable (= 2.4.0)
  i18n (= 0.7.0)
  json (= 2.1.0)
  rack (= 2.0.6)
  sinatra (= 2.0.0)
  yard (= 0.9.11)

BUNDLED WITH
   2.4.19
